GEM
  remote: http://rubygems.org/
  specs:
    activesupport (3.2.9)
      i18n (~> 0.6)
      multi_json (~> 1.0)
    bouncy-castle-java (1.5.0146.1)
    celluloid (0.12.4)
      facter (>= 1.6.12)
      timers (>= 1.0.0)
    celluloid-io (0.12.1)
      celluloid (~> 0.12.0)
      nio4r (>= 0.4.0)
    facter (1.6.16)
    i18n (0.6.1)
    jdbc-postgres (9.2.1002)
    jruby-openssl (0.8.2)
      bouncy-castle-java (>= 1.5.0146.1)
    multi_json (1.3.7)
    nio4r (0.4.3)
    nio4r (0.4.3-java)
    pg (0.14.1)
    sequel (3.42.0)
    timers (1.0.2)

PLATFORMS
  java
  ruby

DEPENDENCIES
  activesupport
  celluloid
  celluloid-io
  jdbc-postgres
  jruby-openssl
  pg
  sequel
